GEM
  specs:
    redis (4.1.0)

PLATFORMS
  ruby

DEPENDENCIES
  redis (~> 4.1.0)

RUBY VERSION
   ruby 2.6.1p33

BUNDLED WITH
   2.0.1
